PATH
  remote: .
  specs:
    minitest-snapshots (1.0.0)

GEM
  remote: https://rubygems.org/
  specs:
    minitest (5.14.1)
    minitest-assert_errors (0.1.0)
      minitest
    rake (13.0.1)

PLATFORMS
  ruby

DEPENDENCIES
  bundler (~> 2.1)
  minitest (~> 5.14.1)
  minitest-assert_errors
  minitest-snapshots!
  rake (~> 13.0)

BUNDLED WITH
   2.1.4
